GEM
  specs:
    terminal-table (1.5.2)

PLATFORMS
  ruby

DEPENDENCIES
  terminal-table

BUNDLED WITH
   1.10.6
